GIT
  remote: git://github.com/sinatra/sinatra.git
  revision: 9929353e6c59f07b8f6d98002778e0dc4a7faf3a
  specs:
    sinatra (1.4.5)
      rack (~> 1.4)
      rack-protection (~> 1.4)
      tilt (>= 1.3, < 3)

GEM
  remote: https://rubygems.org/
  specs:
    rack (1.5.2)
    rack-protection (1.5.3)
      rack
    tilt (2.0.1)

PLATFORMS
  ruby

DEPENDENCIES
  rack (= 1.5.2)
  sinatra!
